GEM
  remote: https://rubygems.org/
  specs:
    faraday (0.9.2)
      multipart-post (>= 1.2, < 3)
    multipart-post (2.0.0)
    wunderlist-api (1.0.0)
      faraday (~> 0.9.1)

PLATFORMS
  x86-mingw32

DEPENDENCIES
  wunderlist-api (~> 1.0)

BUNDLED WITH
   1.13.0
