GEM
  remote: https://rubygems.org/
  specs:
    andand (1.3.3)
    ast (2.3.0)
    faraday (0.9.2)
      multipart-post (>= 1.2, < 3)
    ffi (1.9.14-x86-mingw32)
    multipart-post (2.0.0)
    parser (2.3.1.4)
      ast (~> 2.2)
    powerpack (0.1.1)
    rainbow (2.1.0)
    rubocop (0.43.0)
      parser (>= 2.3.1.1, < 3.0)
      powerpack (~> 0.1)
      rainbow (>= 1.99.1, < 3.0)
      ruby-progressbar (~> 1.7)
      unicode-display_width (~> 1.0, >= 1.0.1)
    ruby-progressbar (1.8.1)
    sys-proctable (1.1.2-universal-mingw32)
    unicode-display_width (1.1.1)
    win32-process (0.8.3)
      ffi (>= 1.0.0)
    wunderlist-api (1.0.5)
      faraday (~> 0.9.1)

PLATFORMS
  x86-mingw32

DEPENDENCIES
  andand (~> 1.3, >= 1.3.3)
  rubocop
  sys-proctable (~> 1.1.2)
  win32-process (~> 0.8.3)
  wunderlist-api (~> 1.0.5)

BUNDLED WITH
   1.13.0
